GEM
  remote: https://rubygems.org/
  specs:
    actionpack (7.0.4.2)
      actionview (= 7.0.4.2)
      activesupport (= 7.0.4.2)
      rack (~> 2.0, >= 2.2.0)
      rack-test (>= 0.6.3)
      rails-dom-testing (~> 2.0)
      rails-html-sanitizer (~> 1.0, >= 1.2.0)
    actionview (7.0.4.2)
      activesupport (= 7.0.4.2)
      builder (~> 3.1)
      erubi (~> 1.4)
      rails-dom-testing (~> 2.0)
      rails-html-sanitizer (~> 1.1, >= 1.2.0)
    activesupport (7.0.4.2)
      concurrent-ruby (~> 1.0, >= 1.0.2)
      i18n (>= 1.6, < 2)
      minitest (>= 5.1)
      tzinfo (~> 2.0)
    addressable (2.8.1)
      public_suffix (>= 2.0.2, < 6.0)
    autoprefixer-rails (10.4.7.0)
      execjs (~> 2)
    backports (3.23.0)
    builder (3.2.4)
    coffee-script (2.4.1)
      coffee-script-source
      execjs
    coffee-script-source (1.12.2)
    concurrent-ruby (1.2.0)
    contracts (0.17)
    crass (1.0.6)
    dotenv (2.8.1)
    erubi (1.12.0)
    erubis (2.7.0)
    execjs (2.8.1)
    fast_blank (1.0.1)
    fastimage (2.2.6)
    ffi (1.15.5)
    haml (5.2.2)
      temple (>= 0.8.0)
      tilt
    hamster (3.0.0)
      concurrent-ruby (~> 1.0)
    hashie (3.6.0)
    i18n (1.6.0)
      concurrent-ruby (~> 1.0)
    kramdown (2.4.0)
      rexml
    libv8-node (16.10.0.0)
    listen (3.7.1)
      rb-fsevent (~> 0.10, >= 0.10.3)
      rb-inotify (~> 0.9, >= 0.9.10)
    loofah (2.19.1)
      crass (~> 1.0.2)
      nokogiri (>= 1.5.9)
    memoist (0.16.2)
    method_source (1.0.0)
    middleman (4.4.3)
      coffee-script (~> 2.2)
      haml (>= 4.0.5, < 6.0)
      kramdown (>= 2.3.0)
      middleman-cli (= 4.4.3)
      middleman-core (= 4.4.3)
    middleman-autoprefixer (3.0.0)
      autoprefixer-rails (~> 10.0)
      middleman-core (>= 4.0.0)
    middleman-cli (4.4.3)
      thor (>= 0.17.0, < 2.0)
    middleman-core (4.4.3)
      activesupport (>= 6.1, < 7.1)
      addressable (~> 2.4)
      backports (~> 3.6)
      bundler (~> 2.0)
      contracts (~> 0.13)
      dotenv
      erubis
      execjs (~> 2.0)
      fast_blank
      fastimage (~> 2.0)
      hamster (~> 3.0)
      hashie (~> 3.4)
      i18n (~> 1.6.0)
      listen (~> 3.0)
      memoist (~> 0.14)
      padrino-helpers (~> 0.15.0)
      parallel
      rack (>= 1.4.5, < 3)
      sassc (~> 2.0)
      servolux
      tilt (~> 2.0.9)
      toml
      uglifier (~> 3.0)
      webrick
    middleman-gh-pages (0.4.1)
      rake (> 0.9.3)
    middleman-sprockets (4.0.0)
      middleman-core (~> 4.0)
      sprockets (>= 3.0)
    middleman-syntax (3.2.0)
      middleman-core (>= 3.2)
      rouge (~> 3.2)
    mini_portile2 (2.8.1)
    mini_racer (0.6.3)
      libv8-node (~> 16.10.0.0)
    minitest (5.17.0)
    nokogiri (1.13.10)
      mini_portile2 (~> 2.8.0)
      racc (~> 1.4)
    padrino-helpers (0.15.2)
      i18n (>= 0.6.7, < 2)
      padrino-support (= 0.15.2)
      tilt (>= 1.4.1, < 3)
    padrino-support (0.15.2)
    parallel (1.22.1)
    parslet (2.0.0)
    public_suffix (5.0.1)
    racc (1.6.2)
    rack (2.2.6.2)
    rack-test (2.0.2)
      rack (>= 1.3)
    rails-dom-testing (2.0.3)
      activesupport (>= 4.2.0)
      nokogiri (>= 1.6)
    rails-html-sanitizer (1.5.0)
      loofah (~> 2.19, >= 2.19.1)
    railties (7.0.4.2)
      actionpack (= 7.0.4.2)
      activesupport (= 7.0.4.2)
      method_source
      rake (>= 12.2)
      thor (~> 1.0)
      zeitwerk (~> 2.5)
    rake (13.0.6)
    rb-fsevent (0.11.2)
    rb-inotify (0.10.1)
      ffi (~> 1.0)
    redcarpet (3.5.1)
    rexml (3.2.5)
    rouge (3.28.0)
    sass-rails (6.0.0)
      sassc-rails (~> 2.1, >= 2.1.1)
    sassc (2.4.0)
      ffi (~> 1.9)
    sassc-rails (2.1.2)
      railties (>= 4.0.0)
      sassc (>= 2.0)
      sprockets (> 3.0)
      sprockets-rails
      tilt
    servolux (0.13.0)
    sprockets (4.2.0)
      concurrent-ruby (~> 1.0)
      rack (>= 2.2.4, < 4)
    sprockets-rails (3.4.2)
      actionpack (>= 5.2)
      activesupport (>= 5.2)
      sprockets (>= 3.0.0)
    temple (0.9.1)
    thor (1.2.1)
    tilt (2.0.11)
    toml (0.3.0)
      parslet (>= 1.8.0, < 3.0.0)
    tzinfo (2.0.6)
      concurrent-ruby (~> 1.0)
    uglifier (3.2.0)
      execjs (>= 0.3.0, < 3)
    webrick (1.7.0)
    zeitwerk (2.6.6)

PLATFORMS
  ruby

DEPENDENCIES
  middleman (~> 4.4.2)
  middleman-autoprefixer (~> 3.0.0)
  middleman-gh-pages
  middleman-sprockets (~> 4.0.0.rc.3)
  middleman-syntax (~> 3.2.0)
  mini_racer
  nokogiri (~> 1.13.4)
  redcarpet (~> 3.5.1)
  rouge (~> 3.28.0)
  sass-rails (~> 6.0.0)

RUBY VERSION
   ruby 2.6.9p207

BUNDLED WITH
   2.4.1
